GEM
  remote: http://rubygems.org/
  specs:
    coderay (1.1.0)
    dotenv (2.0.1)
    erubis (2.7.0)
    httparty (0.13.3)
      json (~> 1.8)
      multi_xml (>= 0.5.2)
    imdb (0.8.2)
      nokogiri (= 1.6.2.1)
    json (1.8.2)
    mail (2.6.3)
      mime-types (>= 1.16, < 3)
    method_source (0.8.2)
    mime-types (2.4.3)
    mini_portile (0.6.0)
    multi_xml (0.5.5)
    nokogiri (1.6.2.1)
      mini_portile (= 0.6.0)
    plex-ruby (1.5.2)
      nokogiri
    pony (1.11)
      mail (>= 2.0)
    pry (0.10.1)
      coderay (~> 1.1.0)
      method_source (~> 0.8.1)
      slop (~> 3.4)
    rake (10.4.2)
    slop (3.6.0)
    tvdb_party (0.8.1)
      httparty (>= 0.6.1)

PLATFORMS
  ruby

DEPENDENCIES
  dotenv
  erubis
  imdb
  plex-ruby
  pony
  pry
  rake
  tvdb_party
